GEM
  remote: http://rubygems.org/
  specs:
    activesupport (6.1.7.1)
      concurrent-ruby (~> 1.0, >= 1.0.2)
      i18n (>= 1.6, < 2)
      minitest (>= 5.1)
      tzinfo (~> 2.0)
      zeitwerk (~> 2.3)
    concurrent-ruby (1.1.10)
    haml (3.0.24)
    i18n (1.12.0)
      concurrent-ruby (~> 1.0)
    minitest (5.17.0)
    rack (1.2.1)
    rake (0.8.7)
    rdiscount (1.6.5)
    sinatra (1.1.0)
      rack (~> 1.1)
      tilt (~> 1.1)
    tilt (1.1)
    tzinfo (2.0.5)
      concurrent-ruby (~> 1.0)
    vegas (0.1.8)
      rack (>= 1.0.0)
    yajl-ruby (0.7.8)
    zeitwerk (2.6.6)

PLATFORMS
  ruby

DEPENDENCIES
  activesupport (= 6.1.7.1)
  haml (= 3.0.24)
  rake
  rdiscount
  sinatra
  vegas
  yajl-ruby
