GEM
  remote: http://rubygems.org/
  specs:
    activesupport (2.3.8)
    haml (3.0.24)
    mustermann (2.0.2)
      ruby2_keywords (~> 0.0.1)
    rack (2.2.4)
    rack-protection (2.2.3)
      rack
    rake (0.8.7)
    rdiscount (1.6.5)
    ruby2_keywords (0.0.5)
    sinatra (2.2.3)
      mustermann (~> 2.0)
      rack (~> 2.2)
      rack-protection (= 2.2.3)
      tilt (~> 2.0)
    tilt (2.0.11)
    vegas (0.1.8)
      rack (>= 1.0.0)
    yajl-ruby (0.7.8)

PLATFORMS
  ruby

DEPENDENCIES
  activesupport (= 2.3.8)
  haml (= 3.0.24)
  rake
  rdiscount
  sinatra
  vegas
  yajl-ruby
